RESTRICTION: || (== net8.0) (== netstandard2.0) (== netstandard2.1)
NUGET
  remote: https://api.nuget.org/v3/index.json
    FSharp.Core (9.0.100)

GROUP Build
RESTRICTION: || (== net8.0) (== netstandard2.0) (== netstandard2.1)
NUGET
  remote: https://api.nuget.org/v3/index.json
    BouncyCastle.Cryptography (2.5)
    DuckDB.NET.Bindings.Full (1.1.3)
      System.Runtime.CompilerServices.Unsafe (>= 6.0) - restriction: || (&& (== net8.0) (< net6.0)) (== netstandard2.0) (== netstandard2.1)
    DuckDB.NET.Data.Full (1.1.3)
      DuckDB.NET.Bindings.Full (>= 1.1.3)
      System.Memory (>= 4.5.5) - restriction: || (&& (== net8.0) (< net6.0)) (== netstandard2.0) (== netstandard2.1)
      System.Runtime.CompilerServices.Unsafe (>= 6.0) - restriction: || (&& (== net8.0) (< net6.0)) (== netstandard2.0) (== netstandard2.1)
    EntityFramework (6.5.1) - restriction: || (== net8.0) (&& (== netstandard2.0) (>= net46)) (&& (== netstandard2.0) (>= netstandard2.1)) (== netstandard2.1)
      Microsoft.CSharp (>= 4.7) - restriction: || (== net8.0) (&& (== netstandard2.0) (>= netstandard2.1)) (== netstandard2.1)
      System.CodeDom (>= 6.0) - restriction: || (== net8.0) (&& (== netstandard2.0) (>= netstandard2.1)) (== netstandard2.1)
      System.ComponentModel.Annotations (>= 5.0) - restriction: || (== net8.0) (&& (== netstandard2.0) (>= netstandard2.1)) (== netstandard2.1)
      System.Configuration.ConfigurationManager (>= 6.0.1) - restriction: || (== net8.0) (&& (== netstandard2.0) (>= netstandard2.1)) (== netstandard2.1)
      System.Data.SqlClient (>= 4.8.6) - restriction: || (== net8.0) (&& (== netstandard2.0) (>= netstandard2.1)) (== netstandard2.1)
    Google.Protobuf (3.29.3)
      System.Memory (>= 4.5.3) - restriction: || (&& (== net8.0) (>= net45)) (&& (== net8.0) (< net5.0)) (&& (== net8.0) (< netstandard2.0)) (== netstandard2.0) (== netstandard2.1)
      System.Runtime.CompilerServices.Unsafe (>= 4.5.2) - restriction: || (&& (== net8.0) (< net5.0)) (== netstandard2.0) (== netstandard2.1)
    K4os.Compression.LZ4 (1.3.8)
      System.Memory (>= 4.5.5) - restriction: || (&& (== net8.0) (>= net462)) (&& (== net8.0) (< netstandard2.1)) (== netstandard2.0) (&& (== netstandard2.1) (>= net462))
      System.Runtime.CompilerServices.Unsafe (>= 5.0) - restriction: || (&& (== net8.0) (< netstandard2.1)) (== netstandard2.0)
      System.Runtime.CompilerServices.Unsafe (>= 6.0) - restriction: || (&& (== net8.0) (>= net462)) (&& (== net8.0) (< net5.0)) (&& (== netstandard2.0) (>= net462)) (&& (== netstandard2.0) (>= netstandard2.1)) (== netstandard2.1)
    K4os.Compression.LZ4.Streams (1.3.8)
      K4os.Compression.LZ4 (>= 1.3.8)
      K4os.Hash.xxHash (>= 1.0.8)
      System.IO.Pipelines (>= 5.0.2) - restriction: || (&& (== net8.0) (>= net462)) (&& (== net8.0) (< netstandard2.1)) (== netstandard2.0) (&& (== netstandard2.1) (>= net462))
      System.IO.Pipelines (>= 6.0.3) - restriction: || (== net8.0) (&& (== netstandard2.0) (>= netstandard2.1)) (== netstandard2.1)
    K4os.Hash.xxHash (1.0.8)
      System.Memory (>= 4.5.5) - restriction: || (&& (== net8.0) (>= net462)) (&& (== net8.0) (< netstandard2.1)) (== netstandard2.0) (&& (== netstandard2.1) (>= net462))
      System.Runtime.CompilerServices.Unsafe (>= 5.0) - restriction: || (&& (== net8.0) (< netstandard2.1)) (== netstandard2.0)
      System.Runtime.CompilerServices.Unsafe (>= 6.0) - restriction: || (&& (== net8.0) (>= net462)) (&& (== net8.0) (< net5.0)) (&& (== netstandard2.0) (>= net462)) (&& (== netstandard2.0) (>= netstandard2.1)) (== netstandard2.1)
    Microsoft.Bcl.AsyncInterfaces (9.0) - restriction: || (&& (== net8.0) (>= net462)) (&& (== net8.0) (< netstandard2.1)) (== netstandard2.0) (== netstandard2.1)
      System.Threading.Tasks.Extensions (>= 4.5.4) - restriction: || (&& (== net8.0) (>= net462)) (&& (== net8.0) (< netstandard2.1)) (== netstandard2.0) (&& (== netstandard2.1) (>= net462))
    Microsoft.CSharp (4.7) - restriction: || (== net8.0) (&& (== netstandard2.0) (>= netstandard2.1)) (== netstandard2.1)
    Microsoft.Extensions.DependencyInjection.Abstractions (9.0) - restriction: || (== net8.0) (&& (== netstandard2.0) (>= net6.0)) (&& (== netstandard2.1) (>= net6.0))
    Microsoft.Extensions.Logging.Abstractions (9.0) - restriction: || (== net8.0) (&& (== netstandard2.0) (>= net6.0)) (&& (== netstandard2.1) (>= net6.0))
      Microsoft.Extensions.DependencyInjection.Abstractions (>= 9.0)
      System.Diagnostics.DiagnosticSource (>= 9.0)
    Microsoft.NETCore.Platforms (7.0.4)
    Microsoft.NETCore.Targets (5.0)
    MySql.Data (9.1)
      BouncyCastle.Cryptography (>= 2.3.1)
      Google.Protobuf (>= 3.26.1)
      K4os.Compression.LZ4.Streams (>= 1.3.8)
      System.Buffers (>= 4.5.1)
      System.Configuration.ConfigurationManager (>= 8.0)
      System.Diagnostics.DiagnosticSource (>= 8.0.1)
      System.Runtime.CompilerServices.Unsafe (>= 6.0)
      System.Runtime.Loader (>= 4.3)
      System.Security.Permissions (>= 8.0)
      System.Text.Encoding.CodePages (>= 8.0)
      System.Text.Json (>= 8.0.4)
      System.Threading.Tasks.Extensions (>= 4.5.4)
      ZstdSharp.Port (>= 0.8)
    Newtonsoft.Json (13.0.3)
    Npgsql (9.0.2)
      Microsoft.Extensions.Logging.Abstractions (>= 8.0.2) - restriction: || (== net8.0) (&& (== netstandard2.0) (>= net6.0)) (&& (== netstandard2.1) (>= net6.0))
    runtime.native.System.Data.SqlClient.sni (4.7) - restriction: || (== net8.0) (&& (== netstandard2.0) (>= net6.0)) (&& (== netstandard2.1) (>= net6.0))
      runtime.win-arm64.runtime.native.System.Data.SqlClient.sni (>= 4.4)
      runtime.win-x64.runtime.native.System.Data.SqlClient.sni (>= 4.4)
      runtime.win-x86.runtime.native.System.Data.SqlClient.sni (>= 4.4)
    runtime.win-arm64.runtime.native.System.Data.SqlClient.sni (4.4) - restriction: || (== net8.0) (&& (== netstandard2.0) (>= net6.0)) (&& (== netstandard2.1) (>= net6.0))
    runtime.win-x64.runtime.native.System.Data.SqlClient.sni (4.4) - restriction: || (== net8.0) (&& (== netstandard2.0) (>= net6.0)) (&& (== netstandard2.1) (>= net6.0))
    runtime.win-x86.runtime.native.System.Data.SqlClient.sni (4.4) - restriction: || (== net8.0) (&& (== netstandard2.0) (>= net6.0)) (&& (== netstandard2.1) (>= net6.0))
    Stub.System.Data.SQLite.Core.NetStandard (1.0.119)
    System.Buffers (4.6)
    System.CodeDom (9.0) - restriction: || (== net8.0) (&& (== netstandard2.0) (>= netstandard2.1)) (== netstandard2.1)
    System.ComponentModel.Annotations (5.0) - restriction: || (== net8.0) (&& (== netstandard2.0) (>= netstandard2.1)) (== netstandard2.1)
    System.Configuration.ConfigurationManager (9.0)
      System.Diagnostics.EventLog (>= 9.0) - restriction: || (== net8.0) (&& (== netstandard2.0) (>= net8.0)) (&& (== netstandard2.1) (>= net8.0))
      System.Security.Cryptography.ProtectedData (>= 9.0)
    System.Data.SqlClient (4.9) - restriction: || (== net8.0) (&& (== netstandard2.0) (>= netstandard2.1)) (== netstandard2.1)
      runtime.native.System.Data.SqlClient.sni (>= 4.4) - restriction: || (== net8.0) (&& (== netstandard2.0) (>= net6.0)) (&& (== netstandard2.1) (>= net6.0))
    System.Data.SQLite (1.0.119)
      System.Data.SQLite.Core (1.0.119)
      System.Data.SQLite.EF6 (1.0.119) - restriction: || (== net8.0) (&& (== netstandard2.0) (>= net46)) (&& (== netstandard2.0) (>= netstandard2.1)) (== netstandard2.1)
    System.Data.SQLite.Core (1.0.119)
      Stub.System.Data.SQLite.Core.NetStandard (1.0.119)
    System.Data.SQLite.EF6 (1.0.119) - restriction: || (== net8.0) (&& (== netstandard2.0) (>= net46)) (&& (== netstandard2.0) (>= netstandard2.1)) (== netstandard2.1)
      EntityFramework (>= 6.4.4) - restriction: || (== net8.0) (&& (== netstandard2.0) (>= net40)) (&& (== netstandard2.0) (>= netstandard2.1)) (== netstandard2.1)
    System.Diagnostics.DiagnosticSource (9.0)
      System.Memory (>= 4.5.5) - restriction: || (&& (== net8.0) (>= net462)) (== netstandard2.0) (== netstandard2.1)
      System.Runtime.CompilerServices.Unsafe (>= 6.0) - restriction: || (&& (== net8.0) (>= net462)) (== netstandard2.0) (== netstandard2.1)
    System.Diagnostics.EventLog (9.0) - restriction: || (== net8.0) (&& (== netstandard2.0) (>= net8.0)) (&& (== netstandard2.1) (>= net8.0))
    System.IO (4.3)
      Microsoft.NETCore.Platforms (>= 1.1)
      Microsoft.NETCore.Targets (>= 1.1)
      System.Runtime (>= 4.3)
      System.Text.Encoding (>= 4.3)
      System.Threading.Tasks (>= 4.3)
    System.IO.Pipelines (9.0)
      System.Buffers (>= 4.5.1) - restriction: || (&& (== net8.0) (>= net462)) (== netstandard2.0) (== netstandard2.1)
      System.Memory (>= 4.5.5) - restriction: || (&& (== net8.0) (>= net462)) (== netstandard2.0) (== netstandard2.1)
      System.Threading.Tasks.Extensions (>= 4.5.4) - restriction: || (&& (== net8.0) (>= net462)) (== netstandard2.0) (== netstandard2.1)
    System.Memory (4.6) - restriction: || (&& (== net8.0) (>= net462)) (&& (== net8.0) (< net6.0)) (&& (== net8.0) (< netstandard2.1)) (== netstandard2.0) (== netstandard2.1)
      System.Buffers (>= 4.6) - restriction: || (&& (== net8.0) (>= net462)) (&& (== net8.0) (< netcoreapp2.1)) (== netstandard2.0) (== netstandard2.1)
      System.Numerics.Vectors (>= 4.6) - restriction: || (&& (== net8.0) (>= net462)) (&& (== net8.0) (< netcoreapp2.1)) (== netstandard2.0) (== netstandard2.1)
      System.Runtime.CompilerServices.Unsafe (>= 6.1) - restriction: || (&& (== net8.0) (>= net462)) (&& (== net8.0) (< netcoreapp2.1)) (== netstandard2.0) (== netstandard2.1)
    System.Numerics.Vectors (4.6) - restriction: || (&& (== net8.0) (>= net462)) (&& (== net8.0) (< netcoreapp2.1)) (== netstandard2.0) (== netstandard2.1)
    System.Reflection (4.3)
      Microsoft.NETCore.Platforms (>= 1.1)
      Microsoft.NETCore.Targets (>= 1.1)
      System.IO (>= 4.3)
      System.Reflection.Primitives (>= 4.3)
      System.Runtime (>= 4.3)
    System.Reflection.Primitives (4.3)
      Microsoft.NETCore.Platforms (>= 1.1)
      Microsoft.NETCore.Targets (>= 1.1)
      System.Runtime (>= 4.3)
    System.Runtime (4.3.1)
      Microsoft.NETCore.Platforms (>= 1.1.1)
      Microsoft.NETCore.Targets (>= 1.1.3)
    System.Runtime.CompilerServices.Unsafe (6.1)
    System.Runtime.Loader (4.3)
      System.IO (>= 4.3)
      System.Reflection (>= 4.3)
      System.Runtime (>= 4.3)
    System.Security.AccessControl (6.0.1) - restriction: || (&& (== net8.0) (>= net462)) (== netstandard2.0) (== netstandard2.1)
      System.Security.Principal.Windows (>= 5.0) - restriction: || (&& (== net8.0) (>= net461)) (&& (== net8.0) (< net6.0)) (== netstandard2.0) (== netstandard2.1)
    System.Security.Cryptography.ProtectedData (9.0)
      System.Memory (>= 4.5.5) - restriction: || (== netstandard2.0) (== netstandard2.1)
    System.Security.Permissions (9.0)
      System.Security.AccessControl (>= 6.0) - restriction: || (&& (== net8.0) (>= net462)) (== netstandard2.0) (== netstandard2.1)
      System.Windows.Extensions (>= 9.0) - restriction: || (== net8.0) (&& (== netstandard2.0) (>= net8.0)) (&& (== netstandard2.1) (>= net8.0))
    System.Security.Principal.Windows (5.0) - restriction: || (&& (== net8.0) (>= net462)) (== netstandard2.0) (== netstandard2.1)
    System.Text.Encoding (4.3)
      Microsoft.NETCore.Platforms (>= 1.1)
      Microsoft.NETCore.Targets (>= 1.1)
      System.Runtime (>= 4.3)
    System.Text.Encoding.CodePages (9.0)
      System.Memory (>= 4.5.5) - restriction: || (&& (== net8.0) (>= net462)) (== netstandard2.0) (== netstandard2.1)
      System.Runtime.CompilerServices.Unsafe (>= 6.0) - restriction: || (&& (== net8.0) (>= net462)) (== netstandard2.0) (== netstandard2.1)
    System.Text.Encodings.Web (9.0)
      System.Buffers (>= 4.5.1) - restriction: || (&& (== net8.0) (>= net462)) (== netstandard2.0) (== netstandard2.1)
      System.Memory (>= 4.5.5) - restriction: || (&& (== net8.0) (>= net462)) (== netstandard2.0) (== netstandard2.1)
      System.Runtime.CompilerServices.Unsafe (>= 6.0) - restriction: || (&& (== net8.0) (>= net462)) (== netstandard2.0) (== netstandard2.1)
    System.Text.Json (9.0)
      Microsoft.Bcl.AsyncInterfaces (>= 9.0) - restriction: || (&& (== net8.0) (>= net462)) (== netstandard2.0) (== netstandard2.1)
      System.Buffers (>= 4.5.1) - restriction: || (&& (== net8.0) (>= net462)) (== netstandard2.0) (== netstandard2.1)
      System.IO.Pipelines (>= 9.0)
      System.Memory (>= 4.5.5) - restriction: || (&& (== net8.0) (>= net462)) (== netstandard2.0) (== netstandard2.1)
      System.Runtime.CompilerServices.Unsafe (>= 6.0) - restriction: || (&& (== net8.0) (>= net462)) (== netstandard2.0) (== netstandard2.1)
      System.Text.Encodings.Web (>= 9.0)
      System.Threading.Tasks.Extensions (>= 4.5.4) - restriction: || (&& (== net8.0) (>= net462)) (== netstandard2.0) (== netstandard2.1)
    System.Threading.Tasks (4.3)
      Microsoft.NETCore.Platforms (>= 1.1)
      Microsoft.NETCore.Targets (>= 1.1)
      System.Runtime (>= 4.3)
    System.Threading.Tasks.Extensions (4.6)
      System.Runtime.CompilerServices.Unsafe (>= 6.1) - restriction: || (&& (== net8.0) (>= net462)) (&& (== net8.0) (< netcoreapp2.1)) (== netstandard2.0) (== netstandard2.1)
    System.Windows.Extensions (9.0) - restriction: || (== net8.0) (&& (== netstandard2.0) (>= net8.0)) (&& (== netstandard2.1) (>= net8.0))
    ZstdSharp.Port (0.8.4)
      Microsoft.Bcl.AsyncInterfaces (>= 5.0) - restriction: || (&& (== net8.0) (>= net462)) (&& (== net8.0) (< netstandard2.1)) (== netstandard2.0) (&& (== netstandard2.1) (>= net462))
      System.Memory (>= 4.5.5) - restriction: || (&& (== net8.0) (>= net462)) (&& (== net8.0) (< netstandard2.1)) (== netstandard2.0) (&& (== netstandard2.1) (>= net462))
      System.Runtime.CompilerServices.Unsafe (>= 6.0) - restriction: || (&& (== net8.0) (>= net462)) (&& (== net8.0) (< net5.0)) (&& (== net8.0) (< netcoreapp3.1)) (&& (== net8.0) (< netstandard2.1)) (== netstandard2.0) (== netstandard2.1)

GROUP Fake
STORAGE: NONE
RESTRICTION: || (== net8.0) (== netstandard2.0) (== netstandard2.1)
NUGET
  remote: https://api.nuget.org/v3/index.json
    BlackFox.VsWhere (1.1)
      FSharp.Core (>= 4.2.3)
      Microsoft.Win32.Registry (>= 4.7)
    Fake.Api.GitHub (6.1.3)
      FSharp.Core (>= 8.0.301)
      Octokit (>= 13.0.1)
    Fake.Core.CommandLineParsing (6.1.3)
      FParsec (>= 1.1.1)
      FSharp.Core (>= 8.0.301)
    Fake.Core.Context (6.1.3)
      FSharp.Core (>= 8.0.301)
    Fake.Core.Environment (6.1.3)
      FSharp.Core (>= 8.0.301)
    Fake.Core.FakeVar (6.1.3)
      Fake.Core.Context (>= 6.1.3)
      FSharp.Core (>= 8.0.301)
    Fake.Core.Process (6.1.3)
      Fake.Core.Environment (>= 6.1.3)
      Fake.Core.FakeVar (>= 6.1.3)
      Fake.Core.String (>= 6.1.3)
      Fake.Core.Trace (>= 6.1.3)
      Fake.IO.FileSystem (>= 6.1.3)
      FSharp.Core (>= 8.0.301)
      System.Collections.Immutable (>= 8.0)
    Fake.Core.ReleaseNotes (6.1.3)
      Fake.Core.SemVer (>= 6.1.3)
      Fake.Core.String (>= 6.1.3)
      FSharp.Core (>= 8.0.301)
    Fake.Core.SemVer (6.1.3)
      FSharp.Core (>= 8.0.301)
    Fake.Core.String (6.1.3)
      FSharp.Core (>= 8.0.301)
    Fake.Core.Target (6.1.3)
      Fake.Core.CommandLineParsing (>= 6.1.3)
      Fake.Core.Context (>= 6.1.3)
      Fake.Core.Environment (>= 6.1.3)
      Fake.Core.FakeVar (>= 6.1.3)
      Fake.Core.Process (>= 6.1.3)
      Fake.Core.String (>= 6.1.3)
      Fake.Core.Trace (>= 6.1.3)
      FSharp.Control.Reactive (>= 5.0.2)
      FSharp.Core (>= 8.0.301)
    Fake.Core.Tasks (6.1.3)
      Fake.Core.Trace (>= 6.1.3)
      FSharp.Core (>= 8.0.301)
    Fake.Core.Trace (6.1.3)
      Fake.Core.Environment (>= 6.1.3)
      Fake.Core.FakeVar (>= 6.1.3)
      FSharp.Core (>= 8.0.301)
    Fake.Core.UserInput (6.1.3)
      FSharp.Core (>= 8.0.301)
    Fake.Core.Xml (6.1.3)
      Fake.Core.String (>= 6.1.3)
      FSharp.Core (>= 8.0.301)
    Fake.DotNet.AssemblyInfoFile (6.1.3)
      Fake.Core.Environment (>= 6.1.3)
      Fake.Core.String (>= 6.1.3)
      Fake.Core.Trace (>= 6.1.3)
      Fake.IO.FileSystem (>= 6.1.3)
      FSharp.Core (>= 8.0.301)
    Fake.DotNet.Cli (6.1.3)
      Fake.Core.Environment (>= 6.1.3)
      Fake.Core.Process (>= 6.1.3)
      Fake.Core.String (>= 6.1.3)
      Fake.Core.Trace (>= 6.1.3)
      Fake.DotNet.MSBuild (>= 6.1.3)
      Fake.DotNet.NuGet (>= 6.1.3)
      Fake.IO.FileSystem (>= 6.1.3)
      FSharp.Core (>= 8.0.301)
      Mono.Posix.NETStandard (>= 1.0)
      Newtonsoft.Json (>= 13.0.3)
    Fake.DotNet.MSBuild (6.1.3)
      BlackFox.VsWhere (>= 1.1)
      Fake.Core.Environment (>= 6.1.3)
      Fake.Core.Process (>= 6.1.3)
      Fake.Core.String (>= 6.1.3)
      Fake.Core.Trace (>= 6.1.3)
      Fake.IO.FileSystem (>= 6.1.3)
      FSharp.Core (>= 8.0.301)
      MSBuild.StructuredLogger (>= 2.1.815)
    Fake.DotNet.NuGet (6.1.3)
      Fake.Core.Environment (>= 6.1.3)
      Fake.Core.Process (>= 6.1.3)
      Fake.Core.SemVer (>= 6.1.3)
      Fake.Core.String (>= 6.1.3)
      Fake.Core.Tasks (>= 6.1.3)
      Fake.Core.Trace (>= 6.1.3)
      Fake.Core.Xml (>= 6.1.3)
      Fake.IO.FileSystem (>= 6.1.3)
      Fake.Net.Http (>= 6.1.3)
      FSharp.Core (>= 8.0.301)
      Newtonsoft.Json (>= 13.0.3)
      NuGet.Protocol (>= 6.10.1)
    Fake.DotNet.Paket (6.1.3)
      Fake.Core.Process (>= 6.1.3)
      Fake.Core.String (>= 6.1.3)
      Fake.Core.Trace (>= 6.1.3)
      Fake.DotNet.Cli (>= 6.1.3)
      Fake.IO.FileSystem (>= 6.1.3)
      FSharp.Core (>= 8.0.301)
    Fake.IO.FileSystem (6.1.3)
      Fake.Core.String (>= 6.1.3)
      Fake.Core.Trace (>= 6.1.3)
      FSharp.Core (>= 8.0.301)
    Fake.Net.Http (6.1.3)
      Fake.Core.Trace (>= 6.1.3)
      FSharp.Core (>= 8.0.301)
    Fake.Tools.Git (6.1.3)
      Fake.Core.Environment (>= 6.1.3)
      Fake.Core.Process (>= 6.1.3)
      Fake.Core.SemVer (>= 6.1.3)
      Fake.Core.String (>= 6.1.3)
      Fake.Core.Trace (>= 6.1.3)
      Fake.IO.FileSystem (>= 6.1.3)
      FSharp.Core (>= 8.0.301)
    FParsec (1.1.1)
      FSharp.Core (>= 4.3.4)
    FSharp.Control.Reactive (5.0.5)
      FSharp.Core (>= 4.7.2)
      System.Reactive (>= 5.0 < 6.0)
    FSharp.Core (9.0.100)
    Microsoft.Bcl.AsyncInterfaces (9.0) - restriction: || (&& (== net8.0) (>= net462)) (&& (== net8.0) (>= net472)) (&& (== net8.0) (< net5.0)) (== netstandard2.0) (== netstandard2.1)
      System.Threading.Tasks.Extensions (>= 4.5.4) - restriction: || (&& (== net8.0) (>= net462)) (&& (== net8.0) (< netstandard2.1)) (== netstandard2.0) (&& (== netstandard2.1) (>= net462))
    Microsoft.Bcl.Cryptography (9.0)
      System.Formats.Asn1 (>= 9.0)
      System.Memory (>= 4.5.5) - restriction: || (&& (== net8.0) (>= net462)) (== netstandard2.0) (== netstandard2.1)
      System.Runtime.CompilerServices.Unsafe (>= 6.0) - restriction: || (&& (== net8.0) (>= net462)) (== netstandard2.0) (== netstandard2.1)
    Microsoft.Build.Framework (17.12.6)
      Microsoft.Win32.Registry (>= 5.0)
      System.Memory (>= 4.5.5)
      System.Runtime.CompilerServices.Unsafe (>= 6.0)
      System.Security.Principal.Windows (>= 5.0)
    Microsoft.Build.Utilities.Core (17.12.6)
      Microsoft.Build.Framework (>= 17.12.6)
      Microsoft.NET.StringTools (>= 17.12.6)
      Microsoft.Win32.Registry (>= 5.0)
      System.Collections.Immutable (>= 8.0)
      System.Configuration.ConfigurationManager (>= 8.0)
      System.Memory (>= 4.5.5)
      System.Runtime.CompilerServices.Unsafe (>= 6.0)
      System.Security.Principal.Windows (>= 5.0)
      System.Text.Encoding.CodePages (>= 7.0)
    Microsoft.NET.StringTools (17.12.6)
      System.Memory (>= 4.5.5)
      System.Runtime.CompilerServices.Unsafe (>= 6.0)
    Microsoft.NETCore.Platforms (7.0.4) - restriction: || (&& (== net8.0) (< netcoreapp3.1)) (&& (== net8.0) (< netstandard1.2)) (&& (== net8.0) (< netstandard1.3)) (&& (== net8.0) (< netstandard1.5)) (== netstandard2.0) (== netstandard2.1)
    Microsoft.NETCore.Targets (5.0) - restriction: || (&& (== net8.0) (< netcoreapp3.1)) (&& (== net8.0) (< netstandard1.2)) (&& (== net8.0) (< netstandard1.3)) (&& (== net8.0) (< netstandard1.5)) (== netstandard2.0) (== netstandard2.1)
    Microsoft.Win32.Registry (5.0)
      System.Buffers (>= 4.5.1) - restriction: || (&& (== net8.0) (>= monoandroid) (< netstandard1.3)) (&& (== net8.0) (>= monotouch)) (&& (== net8.0) (< netcoreapp2.0)) (&& (== net8.0) (>= xamarinios)) (&& (== net8.0) (>= xamarinmac)) (&& (== net8.0) (>= xamarintvos)) (&& (== net8.0) (>= xamarinwatchos)) (== netstandard2.0) (== netstandard2.1)
      System.Memory (>= 4.5.4) - restriction: || (&& (== net8.0) (< netcoreapp2.0)) (&& (== net8.0) (< netcoreapp2.1)) (&& (== net8.0) (>= uap10.1)) (== netstandard2.0) (== netstandard2.1)
      System.Security.AccessControl (>= 5.0)
      System.Security.Principal.Windows (>= 5.0)
    Mono.Posix.NETStandard (1.0)
    MSBuild.StructuredLogger (2.2.386)
      Microsoft.Build.Framework (>= 17.5)
      Microsoft.Build.Utilities.Core (>= 17.5)
      System.Collections.Immutable (>= 8.0)
      System.Memory (>= 4.5.5) - restriction: || (== netstandard2.0) (== netstandard2.1)
      System.Runtime.CompilerServices.Unsafe (>= 6.0) - restriction: || (== netstandard2.0) (== netstandard2.1)
    Newtonsoft.Json (13.0.3)
    NuGet.Common (6.12.1)
      NuGet.Frameworks (>= 6.12.1)
    NuGet.Configuration (6.12.1)
      NuGet.Common (>= 6.12.1)
      System.Security.Cryptography.ProtectedData (>= 4.4)
    NuGet.Frameworks (6.12.1)
    NuGet.Packaging (6.12.1)
      Newtonsoft.Json (>= 13.0.3)
      NuGet.Configuration (>= 6.12.1)
      NuGet.Versioning (>= 6.12.1)
      System.Formats.Asn1 (>= 8.0.1)
      System.Security.Cryptography.Pkcs (>= 6.0.4)
    NuGet.Protocol (6.12.1)
      NuGet.Packaging (>= 6.12.1)
      System.Text.Json (>= 8.0.4) - restriction: || (&& (== net8.0) (>= net472)) (&& (== net8.0) (< net5.0)) (== netstandard2.0) (== netstandard2.1)
    NuGet.Versioning (6.12.1)
    Octokit (14.0)
    System.Buffers (4.6) - restriction: || (&& (== net8.0) (>= net462)) (&& (== net8.0) (< netstandard2.1)) (== netstandard2.0) (== netstandard2.1)
    System.Collections.Immutable (9.0)
      System.Memory (>= 4.5.5) - restriction: || (&& (== net8.0) (>= net462)) (== netstandard2.0) (== netstandard2.1)
      System.Runtime.CompilerServices.Unsafe (>= 6.0) - restriction: || (&& (== net8.0) (>= net462)) (== netstandard2.0) (== netstandard2.1)
    System.Configuration.ConfigurationManager (9.0)
      System.Diagnostics.EventLog (>= 9.0) - restriction: || (== net8.0) (&& (== netstandard2.0) (>= net8.0)) (&& (== netstandard2.1) (>= net8.0))
      System.Security.Cryptography.ProtectedData (>= 9.0)
    System.Diagnostics.EventLog (9.0) - restriction: || (== net8.0) (&& (== netstandard2.0) (>= net8.0)) (&& (== netstandard2.1) (>= net8.0))
    System.Formats.Asn1 (9.0)
      System.Buffers (>= 4.5.1) - restriction: || (&& (== net8.0) (>= net462)) (== netstandard2.0) (== netstandard2.1)
      System.Memory (>= 4.5.5) - restriction: || (&& (== net8.0) (>= net462)) (== netstandard2.0) (== netstandard2.1)
    System.IO.Pipelines (9.0) - restriction: || (&& (== net8.0) (>= net462)) (&& (== net8.0) (>= net472)) (&& (== net8.0) (< net5.0)) (== netstandard2.0) (== netstandard2.1)
      System.Buffers (>= 4.5.1) - restriction: || (&& (== net8.0) (>= net462)) (== netstandard2.0) (== netstandard2.1)
      System.Memory (>= 4.5.5) - restriction: || (&& (== net8.0) (>= net462)) (== netstandard2.0) (== netstandard2.1)
      System.Threading.Tasks.Extensions (>= 4.5.4) - restriction: || (&& (== net8.0) (>= net462)) (== netstandard2.0) (== netstandard2.1)
    System.Memory (4.6)
      System.Buffers (>= 4.6) - restriction: || (&& (== net8.0) (>= net462)) (&& (== net8.0) (< netcoreapp2.1)) (== netstandard2.0) (== netstandard2.1)
      System.Numerics.Vectors (>= 4.6) - restriction: || (&& (== net8.0) (>= net462)) (&& (== net8.0) (< netcoreapp2.1)) (== netstandard2.0) (== netstandard2.1)
      System.Runtime.CompilerServices.Unsafe (>= 6.1) - restriction: || (&& (== net8.0) (>= net462)) (&& (== net8.0) (< netcoreapp2.1)) (== netstandard2.0) (== netstandard2.1)
    System.Numerics.Vectors (4.6) - restriction: || (&& (== net8.0) (>= net462)) (== netstandard2.0) (== netstandard2.1)
    System.Reactive (5.0)
      System.Runtime.InteropServices.WindowsRuntime (>= 4.3) - restriction: || (&& (== net8.0) (< netcoreapp3.1)) (== netstandard2.0) (== netstandard2.1)
      System.Threading.Tasks.Extensions (>= 4.5.4) - restriction: || (&& (== net8.0) (>= net472)) (&& (== net8.0) (< netcoreapp3.1)) (&& (== net8.0) (>= uap10.1)) (== netstandard2.0) (== netstandard2.1)
    System.Runtime (4.3.1) - restriction: || (&& (== net8.0) (< netcoreapp3.1)) (== netstandard2.0) (== netstandard2.1)
      Microsoft.NETCore.Platforms (>= 1.1.1)
      Microsoft.NETCore.Targets (>= 1.1.3)
    System.Runtime.CompilerServices.Unsafe (6.1)
    System.Runtime.InteropServices.WindowsRuntime (4.3) - restriction: || (&& (== net8.0) (< netcoreapp3.1)) (== netstandard2.0) (== netstandard2.1)
      System.Runtime (>= 4.3)
    System.Security.AccessControl (6.0.1)
      System.Security.Principal.Windows (>= 5.0) - restriction: || (&& (== net8.0) (>= net461)) (&& (== net8.0) (< net6.0)) (== netstandard2.0) (== netstandard2.1)
    System.Security.Cryptography.Cng (5.0) - restriction: || (&& (== net8.0) (< netstandard2.1)) (== netstandard2.0) (== netstandard2.1)
    System.Security.Cryptography.Pkcs (9.0)
      Microsoft.Bcl.Cryptography (>= 9.0)
      System.Buffers (>= 4.5.1) - restriction: || (&& (== net8.0) (< netstandard2.1)) (== netstandard2.0)
      System.Formats.Asn1 (>= 9.0)
      System.Memory (>= 4.5.5) - restriction: || (&& (== net8.0) (< netstandard2.1)) (== netstandard2.0)
      System.Runtime.CompilerServices.Unsafe (>= 6.0) - restriction: || (&& (== net8.0) (< netstandard2.1)) (== netstandard2.0) (== netstandard2.1)
      System.Security.Cryptography.Cng (>= 5.0) - restriction: || (&& (== net8.0) (< netstandard2.1)) (== netstandard2.0) (== netstandard2.1)
    System.Security.Cryptography.ProtectedData (9.0)
      System.Memory (>= 4.5.5) - restriction: || (== netstandard2.0) (== netstandard2.1)
    System.Security.Principal.Windows (5.0)
    System.Text.Encoding.CodePages (9.0)
      System.Memory (>= 4.5.5) - restriction: || (&& (== net8.0) (>= net462)) (== netstandard2.0) (== netstandard2.1)
      System.Runtime.CompilerServices.Unsafe (>= 6.0) - restriction: || (&& (== net8.0) (>= net462)) (== netstandard2.0) (== netstandard2.1)
    System.Text.Encodings.Web (9.0) - restriction: || (&& (== net8.0) (>= net462)) (&& (== net8.0) (>= net472)) (&& (== net8.0) (< net5.0)) (== netstandard2.0) (== netstandard2.1)
      System.Buffers (>= 4.5.1) - restriction: || (&& (== net8.0) (>= net462)) (== netstandard2.0) (== netstandard2.1)
      System.Memory (>= 4.5.5) - restriction: || (&& (== net8.0) (>= net462)) (== netstandard2.0) (== netstandard2.1)
      System.Runtime.CompilerServices.Unsafe (>= 6.0) - restriction: || (&& (== net8.0) (>= net462)) (== netstandard2.0) (== netstandard2.1)
    System.Text.Json (9.0) - restriction: || (&& (== net8.0) (>= net472)) (&& (== net8.0) (< net5.0)) (== netstandard2.0) (== netstandard2.1)
      Microsoft.Bcl.AsyncInterfaces (>= 9.0) - restriction: || (&& (== net8.0) (>= net462)) (== netstandard2.0) (== netstandard2.1)
      System.Buffers (>= 4.5.1) - restriction: || (&& (== net8.0) (>= net462)) (== netstandard2.0) (== netstandard2.1)
      System.IO.Pipelines (>= 9.0)
      System.Memory (>= 4.5.5) - restriction: || (&& (== net8.0) (>= net462)) (== netstandard2.0) (== netstandard2.1)
      System.Runtime.CompilerServices.Unsafe (>= 6.0) - restriction: || (&& (== net8.0) (>= net462)) (== netstandard2.0) (== netstandard2.1)
      System.Text.Encodings.Web (>= 9.0)
      System.Threading.Tasks.Extensions (>= 4.5.4) - restriction: || (&& (== net8.0) (>= net462)) (== netstandard2.0) (== netstandard2.1)
    System.Threading.Tasks.Extensions (4.6) - restriction: || (&& (== net8.0) (>= net462)) (&& (== net8.0) (>= net472)) (&& (== net8.0) (< netcoreapp3.1)) (&& (== net8.0) (< netstandard2.1)) (&& (== net8.0) (>= uap10.1)) (== netstandard2.0) (== netstandard2.1)
      System.Runtime.CompilerServices.Unsafe (>= 6.1) - restriction: || (&& (== net8.0) (>= net462)) (&& (== net8.0) (< netcoreapp2.1)) (== netstandard2.0) (== netstandard2.1)

GROUP Test
RESTRICTION: || (== net8.0) (== netstandard2.0) (== netstandard2.1)
NUGET
  remote: https://api.nuget.org/v3/index.json
    BouncyCastle.Cryptography (2.5)
    EntityFramework (6.5.1) - restriction: || (== net8.0) (&& (== netstandard2.0) (>= net46)) (&& (== netstandard2.0) (>= netstandard2.1)) (== netstandard2.1)
      Microsoft.CSharp (>= 4.7) - restriction: || (== net8.0) (&& (== netstandard2.0) (>= netstandard2.1)) (== netstandard2.1)
      System.CodeDom (>= 6.0) - restriction: || (== net8.0) (&& (== netstandard2.0) (>= netstandard2.1)) (== netstandard2.1)
      System.ComponentModel.Annotations (>= 5.0) - restriction: || (== net8.0) (&& (== netstandard2.0) (>= netstandard2.1)) (== netstandard2.1)
      System.Configuration.ConfigurationManager (>= 6.0.1) - restriction: || (== net8.0) (&& (== netstandard2.0) (>= netstandard2.1)) (== netstandard2.1)
      System.Data.SqlClient (>= 4.8.6) - restriction: || (== net8.0) (&& (== netstandard2.0) (>= netstandard2.1)) (== netstandard2.1)
    Google.Protobuf (3.29.3)
      System.Memory (>= 4.5.3) - restriction: || (&& (== net8.0) (>= net45)) (&& (== net8.0) (< net5.0)) (&& (== net8.0) (< netstandard2.0)) (== netstandard2.0) (== netstandard2.1)
      System.Runtime.CompilerServices.Unsafe (>= 4.5.2) - restriction: || (&& (== net8.0) (< net5.0)) (== netstandard2.0) (== netstandard2.1)
    K4os.Compression.LZ4 (1.3.8)
      System.Memory (>= 4.5.5) - restriction: || (&& (== net8.0) (>= net462)) (&& (== net8.0) (< netstandard2.1)) (== netstandard2.0) (&& (== netstandard2.1) (>= net462))
      System.Runtime.CompilerServices.Unsafe (>= 5.0) - restriction: || (&& (== net8.0) (< netstandard2.1)) (== netstandard2.0)
      System.Runtime.CompilerServices.Unsafe (>= 6.0) - restriction: || (&& (== net8.0) (>= net462)) (&& (== net8.0) (< net5.0)) (&& (== netstandard2.0) (>= net462)) (&& (== netstandard2.0) (>= netstandard2.1)) (== netstandard2.1)
    K4os.Compression.LZ4.Streams (1.3.8)
      K4os.Compression.LZ4 (>= 1.3.8)
      K4os.Hash.xxHash (>= 1.0.8)
      System.IO.Pipelines (>= 5.0.2) - restriction: || (&& (== net8.0) (>= net462)) (&& (== net8.0) (< netstandard2.1)) (== netstandard2.0) (&& (== netstandard2.1) (>= net462))
      System.IO.Pipelines (>= 6.0.3) - restriction: || (== net8.0) (&& (== netstandard2.0) (>= netstandard2.1)) (== netstandard2.1)
    K4os.Hash.xxHash (1.0.8)
      System.Memory (>= 4.5.5) - restriction: || (&& (== net8.0) (>= net462)) (&& (== net8.0) (< netstandard2.1)) (== netstandard2.0) (&& (== netstandard2.1) (>= net462))
      System.Runtime.CompilerServices.Unsafe (>= 5.0) - restriction: || (&& (== net8.0) (< netstandard2.1)) (== netstandard2.0)
      System.Runtime.CompilerServices.Unsafe (>= 6.0) - restriction: || (&& (== net8.0) (>= net462)) (&& (== net8.0) (< net5.0)) (&& (== netstandard2.0) (>= net462)) (&& (== netstandard2.0) (>= netstandard2.1)) (== netstandard2.1)
    Microsoft.Bcl.AsyncInterfaces (9.0) - restriction: || (&& (== net8.0) (>= net462)) (&& (== net8.0) (< netstandard2.1)) (== netstandard2.0) (== netstandard2.1)
      System.Threading.Tasks.Extensions (>= 4.5.4) - restriction: || (&& (== net8.0) (>= net462)) (&& (== net8.0) (< netstandard2.1)) (== netstandard2.0) (&& (== netstandard2.1) (>= net462))
    Microsoft.CodeCoverage (17.12) - restriction: || (== net8.0) (&& (== netstandard2.0) (>= net462)) (&& (== netstandard2.0) (>= netcoreapp3.1)) (&& (== netstandard2.1) (>= net462)) (&& (== netstandard2.1) (>= netcoreapp3.1))
    Microsoft.CSharp (4.7) - restriction: || (== net8.0) (&& (== netstandard2.0) (>= netstandard2.1)) (== netstandard2.1)
    Microsoft.Extensions.DependencyInjection.Abstractions (9.0) - restriction: || (== net8.0) (&& (== netstandard2.0) (>= net6.0)) (&& (== netstandard2.1) (>= net6.0))
    Microsoft.Extensions.Logging.Abstractions (9.0) - restriction: || (== net8.0) (&& (== netstandard2.0) (>= net6.0)) (&& (== netstandard2.1) (>= net6.0))
      Microsoft.Extensions.DependencyInjection.Abstractions (>= 9.0)
      System.Diagnostics.DiagnosticSource (>= 9.0)
    Microsoft.NET.Test.Sdk (17.12)
      Microsoft.CodeCoverage (>= 17.12) - restriction: || (== net8.0) (&& (== netstandard2.0) (>= net462)) (&& (== netstandard2.0) (>= netcoreapp3.1)) (&& (== netstandard2.1) (>= net462)) (&& (== netstandard2.1) (>= netcoreapp3.1))
      Microsoft.TestPlatform.TestHost (>= 17.12) - restriction: || (== net8.0) (&& (== netstandard2.0) (>= netcoreapp3.1)) (&& (== netstandard2.1) (>= netcoreapp3.1))
    Microsoft.NETCore.Platforms (7.0.4)
    Microsoft.NETCore.Targets (5.0)
    Microsoft.TestPlatform.ObjectModel (17.12) - restriction: || (== net8.0) (&& (== netstandard2.0) (>= netcoreapp3.1)) (&& (== netstandard2.1) (>= netcoreapp3.1))
      System.Reflection.Metadata (>= 1.6)
    Microsoft.TestPlatform.TestHost (17.12) - restriction: || (== net8.0) (&& (== netstandard2.0) (>= netcoreapp3.1)) (&& (== netstandard2.1) (>= netcoreapp3.1))
      Microsoft.TestPlatform.ObjectModel (>= 17.12) - restriction: || (== net8.0) (&& (== netstandard2.0) (>= netcoreapp3.1)) (&& (== netstandard2.1) (>= netcoreapp3.1))
      Newtonsoft.Json (>= 13.0.1) - restriction: || (== net8.0) (&& (== netstandard2.0) (>= netcoreapp3.1)) (&& (== netstandard2.1) (>= netcoreapp3.1))
    MySql.Data (9.1)
      BouncyCastle.Cryptography (>= 2.3.1)
      Google.Protobuf (>= 3.26.1)
      K4os.Compression.LZ4.Streams (>= 1.3.8)
      System.Buffers (>= 4.5.1)
      System.Configuration.ConfigurationManager (>= 8.0)
      System.Diagnostics.DiagnosticSource (>= 8.0.1)
      System.Runtime.CompilerServices.Unsafe (>= 6.0)
      System.Runtime.Loader (>= 4.3)
      System.Security.Permissions (>= 8.0)
      System.Text.Encoding.CodePages (>= 8.0)
      System.Text.Json (>= 8.0.4)
      System.Threading.Tasks.Extensions (>= 4.5.4)
      ZstdSharp.Port (>= 0.8)
    NETStandard.Library (2.0.3)
      Microsoft.NETCore.Platforms (>= 1.1)
    Newtonsoft.Json (13.0.3) - restriction: || (== net8.0) (&& (== netstandard2.0) (>= netcoreapp3.1)) (&& (== netstandard2.1) (>= netcoreapp3.1))
    Npgsql (9.0.2)
      Microsoft.Extensions.Logging.Abstractions (>= 8.0.2) - restriction: || (== net8.0) (&& (== netstandard2.0) (>= net6.0)) (&& (== netstandard2.1) (>= net6.0))
    NUnit (3.14)
      NETStandard.Library (>= 2.0)
    NUnit.ConsoleRunner (3.19)
    NUnit3TestAdapter (4.6)
    runtime.native.System.Data.SqlClient.sni (4.7) - restriction: || (== net8.0) (&& (== netstandard2.0) (>= net6.0)) (&& (== netstandard2.1) (>= net6.0))
      runtime.win-arm64.runtime.native.System.Data.SqlClient.sni (>= 4.4)
      runtime.win-x64.runtime.native.System.Data.SqlClient.sni (>= 4.4)
      runtime.win-x86.runtime.native.System.Data.SqlClient.sni (>= 4.4)
    runtime.win-arm64.runtime.native.System.Data.SqlClient.sni (4.4) - restriction: || (== net8.0) (&& (== netstandard2.0) (>= net6.0)) (&& (== netstandard2.1) (>= net6.0))
    runtime.win-x64.runtime.native.System.Data.SqlClient.sni (4.4) - restriction: || (== net8.0) (&& (== netstandard2.0) (>= net6.0)) (&& (== netstandard2.1) (>= net6.0))
    runtime.win-x86.runtime.native.System.Data.SqlClient.sni (4.4) - restriction: || (== net8.0) (&& (== netstandard2.0) (>= net6.0)) (&& (== netstandard2.1) (>= net6.0))
    Stub.System.Data.SQLite.Core.NetStandard (1.0.119)
    System.Buffers (4.6)
    System.CodeDom (9.0) - restriction: || (== net8.0) (&& (== netstandard2.0) (>= netstandard2.1)) (== netstandard2.1)
    System.Collections.Immutable (9.0) - restriction: || (== net8.0) (&& (== netstandard2.0) (>= net8.0)) (&& (== netstandard2.0) (>= netcoreapp3.1)) (&& (== netstandard2.1) (>= net8.0)) (&& (== netstandard2.1) (>= netcoreapp3.1))
    System.ComponentModel.Annotations (5.0) - restriction: || (== net8.0) (&& (== netstandard2.0) (>= netstandard2.1)) (== netstandard2.1)
    System.Configuration.ConfigurationManager (9.0)
      System.Diagnostics.EventLog (>= 9.0) - restriction: || (== net8.0) (&& (== netstandard2.0) (>= net8.0)) (&& (== netstandard2.1) (>= net8.0))
      System.Security.Cryptography.ProtectedData (>= 9.0)
    System.Data.SqlClient (4.9) - restriction: || (== net8.0) (&& (== netstandard2.0) (>= netstandard2.1)) (== netstandard2.1)
      runtime.native.System.Data.SqlClient.sni (>= 4.4) - restriction: || (== net8.0) (&& (== netstandard2.0) (>= net6.0)) (&& (== netstandard2.1) (>= net6.0))
    System.Data.SQLite (1.0.119)
      System.Data.SQLite.Core (1.0.119)
      System.Data.SQLite.EF6 (1.0.119) - restriction: || (== net8.0) (&& (== netstandard2.0) (>= net46)) (&& (== netstandard2.0) (>= netstandard2.1)) (== netstandard2.1)
    System.Data.SQLite.Core (1.0.119)
      Stub.System.Data.SQLite.Core.NetStandard (1.0.119)
    System.Data.SQLite.EF6 (1.0.119) - restriction: || (== net8.0) (&& (== netstandard2.0) (>= net46)) (&& (== netstandard2.0) (>= netstandard2.1)) (== netstandard2.1)
      EntityFramework (>= 6.4.4) - restriction: || (== net8.0) (&& (== netstandard2.0) (>= net40)) (&& (== netstandard2.0) (>= netstandard2.1)) (== netstandard2.1)
    System.Diagnostics.DiagnosticSource (9.0)
      System.Memory (>= 4.5.5) - restriction: || (&& (== net8.0) (>= net462)) (== netstandard2.0) (== netstandard2.1)
      System.Runtime.CompilerServices.Unsafe (>= 6.0) - restriction: || (&& (== net8.0) (>= net462)) (== netstandard2.0) (== netstandard2.1)
    System.Diagnostics.EventLog (9.0) - restriction: || (== net8.0) (&& (== netstandard2.0) (>= net8.0)) (&& (== netstandard2.1) (>= net8.0))
    System.IO (4.3)
      Microsoft.NETCore.Platforms (>= 1.1)
      Microsoft.NETCore.Targets (>= 1.1)
      System.Runtime (>= 4.3)
      System.Text.Encoding (>= 4.3)
      System.Threading.Tasks (>= 4.3)
    System.IO.Pipelines (9.0)
      System.Buffers (>= 4.5.1) - restriction: || (&& (== net8.0) (>= net462)) (== netstandard2.0) (== netstandard2.1)
      System.Memory (>= 4.5.5) - restriction: || (&& (== net8.0) (>= net462)) (== netstandard2.0) (== netstandard2.1)
      System.Threading.Tasks.Extensions (>= 4.5.4) - restriction: || (&& (== net8.0) (>= net462)) (== netstandard2.0) (== netstandard2.1)
    System.Memory (4.6) - restriction: || (&& (== net8.0) (>= net462)) (&& (== net8.0) (< netstandard2.1)) (== netstandard2.0) (== netstandard2.1)
      System.Buffers (>= 4.6) - restriction: || (&& (== net8.0) (>= net462)) (&& (== net8.0) (< netcoreapp2.1)) (== netstandard2.0) (== netstandard2.1)
      System.Numerics.Vectors (>= 4.6) - restriction: || (&& (== net8.0) (>= net462)) (&& (== net8.0) (< netcoreapp2.1)) (== netstandard2.0) (== netstandard2.1)
      System.Runtime.CompilerServices.Unsafe (>= 6.1) - restriction: || (&& (== net8.0) (>= net462)) (&& (== net8.0) (< netcoreapp2.1)) (== netstandard2.0) (== netstandard2.1)
    System.Numerics.Vectors (4.6) - restriction: || (&& (== net8.0) (>= net462)) (== netstandard2.0) (== netstandard2.1)
    System.Reflection (4.3)
      Microsoft.NETCore.Platforms (>= 1.1)
      Microsoft.NETCore.Targets (>= 1.1)
      System.IO (>= 4.3)
      System.Reflection.Primitives (>= 4.3)
      System.Runtime (>= 4.3)
    System.Reflection.Metadata (9.0) - restriction: || (== net8.0) (&& (== netstandard2.0) (>= netcoreapp3.1)) (&& (== netstandard2.1) (>= netcoreapp3.1))
      System.Collections.Immutable (>= 9.0)
    System.Reflection.Primitives (4.3)
      Microsoft.NETCore.Platforms (>= 1.1)
      Microsoft.NETCore.Targets (>= 1.1)
      System.Runtime (>= 4.3)
    System.Runtime (4.3.1)
      Microsoft.NETCore.Platforms (>= 1.1.1)
      Microsoft.NETCore.Targets (>= 1.1.3)
    System.Runtime.CompilerServices.Unsafe (6.1)
    System.Runtime.Loader (4.3)
      System.IO (>= 4.3)
      System.Reflection (>= 4.3)
      System.Runtime (>= 4.3)
    System.Security.AccessControl (6.0.1) - restriction: || (&& (== net8.0) (>= net462)) (== netstandard2.0) (== netstandard2.1)
      System.Security.Principal.Windows (>= 5.0) - restriction: || (&& (== net8.0) (>= net461)) (&& (== net8.0) (< net6.0)) (== netstandard2.0) (== netstandard2.1)
    System.Security.Cryptography.ProtectedData (9.0)
      System.Memory (>= 4.5.5) - restriction: || (== netstandard2.0) (== netstandard2.1)
    System.Security.Permissions (9.0)
      System.Security.AccessControl (>= 6.0) - restriction: || (&& (== net8.0) (>= net462)) (== netstandard2.0) (== netstandard2.1)
      System.Windows.Extensions (>= 9.0) - restriction: || (== net8.0) (&& (== netstandard2.0) (>= net8.0)) (&& (== netstandard2.1) (>= net8.0))
    System.Security.Principal.Windows (5.0) - restriction: || (&& (== net8.0) (>= net462)) (== netstandard2.0) (== netstandard2.1)
    System.Text.Encoding (4.3)
      Microsoft.NETCore.Platforms (>= 1.1)
      Microsoft.NETCore.Targets (>= 1.1)
      System.Runtime (>= 4.3)
    System.Text.Encoding.CodePages (9.0)
      System.Memory (>= 4.5.5) - restriction: || (&& (== net8.0) (>= net462)) (== netstandard2.0) (== netstandard2.1)
      System.Runtime.CompilerServices.Unsafe (>= 6.0) - restriction: || (&& (== net8.0) (>= net462)) (== netstandard2.0) (== netstandard2.1)
    System.Text.Encodings.Web (9.0)
      System.Buffers (>= 4.5.1) - restriction: || (&& (== net8.0) (>= net462)) (== netstandard2.0) (== netstandard2.1)
      System.Memory (>= 4.5.5) - restriction: || (&& (== net8.0) (>= net462)) (== netstandard2.0) (== netstandard2.1)
      System.Runtime.CompilerServices.Unsafe (>= 6.0) - restriction: || (&& (== net8.0) (>= net462)) (== netstandard2.0) (== netstandard2.1)
    System.Text.Json (9.0)
      Microsoft.Bcl.AsyncInterfaces (>= 9.0) - restriction: || (&& (== net8.0) (>= net462)) (== netstandard2.0) (== netstandard2.1)
      System.Buffers (>= 4.5.1) - restriction: || (&& (== net8.0) (>= net462)) (== netstandard2.0) (== netstandard2.1)
      System.IO.Pipelines (>= 9.0)
      System.Memory (>= 4.5.5) - restriction: || (&& (== net8.0) (>= net462)) (== netstandard2.0) (== netstandard2.1)
      System.Runtime.CompilerServices.Unsafe (>= 6.0) - restriction: || (&& (== net8.0) (>= net462)) (== netstandard2.0) (== netstandard2.1)
      System.Text.Encodings.Web (>= 9.0)
      System.Threading.Tasks.Extensions (>= 4.5.4) - restriction: || (&& (== net8.0) (>= net462)) (== netstandard2.0) (== netstandard2.1)
    System.Threading.Tasks (4.3)
      Microsoft.NETCore.Platforms (>= 1.1)
      Microsoft.NETCore.Targets (>= 1.1)
      System.Runtime (>= 4.3)
    System.Threading.Tasks.Extensions (4.6)
      System.Runtime.CompilerServices.Unsafe (>= 6.1) - restriction: || (&& (== net8.0) (>= net462)) (&& (== net8.0) (< netcoreapp2.1)) (== netstandard2.0) (== netstandard2.1)
    System.Windows.Extensions (9.0) - restriction: || (== net8.0) (&& (== netstandard2.0) (>= net8.0)) (&& (== netstandard2.1) (>= net8.0))
    ZstdSharp.Port (0.8.4)
      Microsoft.Bcl.AsyncInterfaces (>= 5.0) - restriction: || (&& (== net8.0) (>= net462)) (&& (== net8.0) (< netstandard2.1)) (== netstandard2.0) (&& (== netstandard2.1) (>= net462))
      System.Memory (>= 4.5.5) - restriction: || (&& (== net8.0) (>= net462)) (&& (== net8.0) (< netstandard2.1)) (== netstandard2.0) (&& (== netstandard2.1) (>= net462))
      System.Runtime.CompilerServices.Unsafe (>= 6.0) - restriction: || (&& (== net8.0) (>= net462)) (&& (== net8.0) (< net5.0)) (&& (== net8.0) (< netcoreapp3.1)) (&& (== net8.0) (< netstandard2.1)) (== netstandard2.0) (== netstandard2.1)
